GEM
  remote: https://rubygems.org/
  specs:
    bigdecimal (3.2.2)
    concurrent-ruby (1.3.5)
    json (2.12.2)
    nio4r (2.7.4)
    pg (1.5.9)
    puma (6.6.0)
      nio4r (~> 2.0)
    rack (3.1.16)
    rackup (2.2.1)
      rack (>= 3)
    roda (3.93.0)
      rack
    sequel (5.94.0)
      bigdecimal

PLATFORMS
  ruby
  x86_64-linux

DEPENDENCIES
  concurrent-ruby
  json
  pg
  puma
  rack
  rackup
  roda
  sequel

BUNDLED WITH
   2.6.9
